GEM
  remote: http://rubygems.org/
  specs:
    RedCloth (4.2.9)
<<<<<<< HEAD
    haml (3.1.8)
=======
    haml (3.1.7)
>>>>>>> 888d1dae149dacfa2bc2a4a1b54d2feb0a56603d
    nesta (0.9.13)
      RedCloth (~> 4.2)
      haml (~> 3.1)
      rack (~> 1.1)
      rdiscount (~> 1.6)
      sass (~> 3.1)
      shotgun (>= 0.8)
      sinatra (~> 1.3)
<<<<<<< HEAD
    rack (1.5.2)
    rack-protection (1.5.0)
      rack
    rdiscount (1.6.8)
    sass (3.2.7)
    shotgun (0.9)
      rack (>= 1.0)
    sinatra (1.4.2)
      rack (~> 1.5, >= 1.5.2)
      rack-protection (~> 1.4)
      tilt (~> 1.3, >= 1.3.4)
    tilt (1.3.6)
=======
    rack (1.4.1)
    rack-protection (1.2.0)
      rack
    rdiscount (1.6.8)
    sass (3.2.2)
    shotgun (0.9)
      rack (>= 1.0)
    sinatra (1.3.3)
      rack (~> 1.3, >= 1.3.6)
      rack-protection (~> 1.2)
      tilt (~> 1.3, >= 1.3.3)
    tilt (1.3.3)
>>>>>>> 888d1dae149dacfa2bc2a4a1b54d2feb0a56603d

PLATFORMS
  ruby

DEPENDENCIES
  nesta (= 0.9.13)
